GEM
  remote: http://rubygems.org/
  specs:
    configatron (2.8.0)
      yamler (>= 0.1.0)
    daemons (1.0.10)
    diff-lcs (1.1.3)
    faraday (0.8.4)
      multipart-post (~> 1.1)
    faraday_middleware (0.8.8)
      faraday (>= 0.7.4, < 0.9)
    gem_plugin (0.2.3)
    hashie (1.2.0)
    instagram (0.8.5)
      faraday (>= 0.7, < 0.9)
      faraday_middleware (~> 0.8)
      hashie (>= 0.4.0)
      multi_json (~> 1.0, >= 1.0.3)
    json (1.4.6)
    mongrel (1.2.0.pre2)
      daemons (~> 1.0.10)
      gem_plugin (~> 0.2.3)
    multi_json (1.3.6)
    multipart-post (1.1.5)
    rack (1.3.6)
    rack-protection (1.2.0)
      rack
    rack-test (0.6.1)
      rack (>= 1.0)
    rspec (2.6.0)
      rspec-core (~> 2.6.0)
      rspec-expectations (~> 2.6.0)
      rspec-mocks (~> 2.6.0)
    rspec-core (2.6.4)
    rspec-expectations (2.6.0)
      diff-lcs (~> 1.1.2)
    rspec-mocks (2.6.0)
    shotgun (0.9)
      rack (>= 1.0)
    sinatra (1.3.3)
      rack (~> 1.3, >= 1.3.6)
      rack-protection (~> 1.2)
      tilt (~> 1.3, >= 1.3.3)
    tilt (1.3.3)
    yamler (0.1.0)

PLATFORMS
  ruby

DEPENDENCIES
  configatron (= 2.8.0)
  instagram (= 0.8.5)
  json (= 1.4.6)
  mongrel (= 1.2.0.pre2)
  rack (= 1.3.6)
  rack-test (= 0.6.1)
  rspec (= 2.6.0)
  shotgun (= 0.9)
  sinatra (= 1.3.3)
